GIT
  remote: https://github.com/brianmario/mysql2
  revision: 25c42c712118b046eb9df7a0f50ffde1a04ee6d1
  specs:
    mysql2 (0.5.3)

PATH
  remote: .
  specs:
    job-iteration (1.3.4)
      activejob (>= 5.2)

GEM
  remote: https://rubygems.org/
  specs:
    activejob (6.1.4.4)
      activesupport (= 6.1.4.4)
      globalid (>= 0.3.6)
    activemodel (6.1.4.4)
      activesupport (= 6.1.4.4)
    activerecord (6.1.4.4)
      activemodel (= 6.1.4.4)
      activesupport (= 6.1.4.4)
    activesupport (6.1.4.4)
      concurrent-ruby (~> 1.0, >= 1.0.2)
      i18n (>= 1.6, < 2)
      minitest (>= 5.1)
      tzinfo (~> 2.0)
      zeitwerk (~> 2.3)
    appmap (0.71.0)
      activesupport
      method_source
      rack
      reverse_markdown
    ast (2.4.2)
    coderay (1.1.3)
    concurrent-ruby (1.1.9)
    connection_pool (2.2.5)
    database_cleaner (2.0.1)
      database_cleaner-active_record (~> 2.0.0)
    database_cleaner-active_record (2.0.1)
      activerecord (>= 5.a)
      database_cleaner-core (~> 2.0.0)
    database_cleaner-core (2.0.1)
    globalid (1.0.0)
      activesupport (>= 5.0)
    i18n (1.8.11)
      concurrent-ruby (~> 1.0)
    method_source (1.0.0)
    mini_portile2 (2.7.1)
    minitest (5.15.0)
    mocha (1.13.0)
    mono_logger (1.1.1)
    multi_json (1.15.0)
    mustermann (1.1.1)
      ruby2_keywords (~> 0.0.1)
    nokogiri (1.13.1)
      mini_portile2 (~> 2.7.0)
      racc (~> 1.4)
    parallel (1.21.0)
    parser (3.1.0.0)
      ast (~> 2.4.1)
    pry (0.14.1)
      coderay (~> 1.1)
      method_source (~> 1.0)
    racc (1.6.0)
    rack (2.2.3)
    rack-protection (2.1.0)
      rack
    rainbow (3.1.1)
    rake (13.0.6)
    redis (4.5.1)
    redis-namespace (1.8.1)
      redis (>= 3.0.4)
    regexp_parser (2.2.0)
    resque (2.2.0)
      mono_logger (~> 1.0)
      multi_json (~> 1.0)
      redis-namespace (~> 1.6)
      sinatra (>= 0.9.2)
      vegas (~> 0.1.2)
    reverse_markdown (2.1.1)
      nokogiri
    rexml (3.2.5)
    rubocop (1.24.1)
      parallel (~> 1.10)
      parser (>= 3.0.0.0)
      rainbow (>= 2.2.2, < 4.0)
      regexp_parser (>= 1.8, < 3.0)
      rexml
      rubocop-ast (>= 1.15.1, < 2.0)
      ruby-progressbar (~> 1.7)
      unicode-display_width (>= 1.4.0, < 3.0)
    rubocop-ast (1.15.1)
      parser (>= 3.0.1.1)
    rubocop-shopify (2.4.0)
      rubocop (~> 1.24)
    ruby-progressbar (1.11.0)
    ruby2_keywords (0.0.5)
    sidekiq (6.3.1)
      connection_pool (>= 2.2.2)
      rack (~> 2.0)
      redis (>= 4.2.0)
    sinatra (2.1.0)
      mustermann (~> 1.0)
      rack (~> 2.2)
      rack-protection (= 2.1.0)
      tilt (~> 2.0)
    sorbet-runtime (0.5.9426)
    tilt (2.0.10)
    tzinfo (2.0.4)
      concurrent-ruby (~> 1.0)
    unicode-display_width (2.1.0)
    vegas (0.1.11)
      rack (>= 1.0.0)
    yard (0.9.26)
    zeitwerk (2.5.1)

PLATFORMS
  ruby

DEPENDENCIES
  activerecord
  appmap
  database_cleaner
  globalid
  i18n
  job-iteration!
  mocha
  mysql2!
  pry
  rake
  redis
  resque
  rubocop-shopify
  sidekiq
  sorbet-runtime
  yard

BUNDLED WITH
   2.3.5
