GIT
  remote: https://github.com/brianmario/mysql2
  revision: 6cf5e1d732b4a6ee5485def98637f100cbc86f1b
  specs:
    mysql2 (0.5.5)

PATH
  remote: .
  specs:
    job-iteration (1.3.6)
      activejob (>= 6.0)

GEM
  remote: https://rubygems.org/
  specs:
    activejob (7.0.4)
      activesupport (= 7.0.4)
      globalid (>= 0.3.6)
    activemodel (7.0.4)
      activesupport (= 7.0.4)
    activerecord (7.0.4)
      activemodel (= 7.0.4)
      activesupport (= 7.0.4)
    activesupport (7.0.4)
      concurrent-ruby (~> 1.0, >= 1.0.2)
      i18n (>= 1.6, < 2)
      minitest (>= 5.1)
      tzinfo (~> 2.0)
    ast (2.4.2)
    coderay (1.1.3)
    concurrent-ruby (1.2.2)
    connection_pool (2.3.0)
    globalid (1.1.0)
      activesupport (>= 5.0)
    i18n (1.12.0)
      concurrent-ruby (~> 1.0)
    json (2.6.3)
    method_source (1.0.0)
    minitest (5.17.0)
    mocha (2.0.2)
      ruby2_keywords (>= 0.0.5)
    mono_logger (1.1.1)
    multi_json (1.15.0)
    parallel (1.22.1)
    parser (3.2.0.0)
      ast (~> 2.4.1)
    pry (0.14.1)
      coderay (~> 1.1)
      method_source (~> 1.0)
    rack (3.0.4.1)
    rainbow (3.1.1)
    rake (13.0.6)
    redis (5.0.6)
      redis-client (>= 0.9.0)
    redis-client (0.12.2)
      connection_pool
    redis-namespace (1.9.0)
      redis (>= 4)
    regexp_parser (2.6.2)
    resque (2.4.0)
      mono_logger (~> 1.0)
      multi_json (~> 1.0)
      redis-namespace (~> 1.6)
      sinatra (>= 0.9.2)
    rexml (3.2.5)
    rubocop (1.44.1)
      json (~> 2.3)
      parallel (~> 1.10)
      parser (>= 3.2.0.0)
      rainbow (>= 2.2.2, < 4.0)
      regexp_parser (>= 1.8, < 3.0)
      rexml (>= 3.2.5, < 4.0)
      rubocop-ast (>= 1.24.1, < 2.0)
      ruby-progressbar (~> 1.7)
      unicode-display_width (>= 2.4.0, < 3.0)
    rubocop-ast (1.24.1)
      parser (>= 3.1.1.0)
    rubocop-shopify (2.12.0)
      rubocop (~> 1.44)
    ruby-progressbar (1.11.0)
    ruby2_keywords (0.0.5)
    sidekiq (7.0.5)
      concurrent-ruby (< 2)
      connection_pool (>= 2.3.0)
      rack (>= 2.2.4)
      redis-client (>= 0.11.0)
    sinatra (1.0)
      rack (>= 1.0)
    sorbet-runtime (0.5.10676)
    tzinfo (2.0.6)
      concurrent-ruby (~> 1.0)
    unicode-display_width (2.4.2)
    webrick (1.7.0)
    yard (0.9.28)
      webrick (~> 1.7.0)

PLATFORMS
  ruby

DEPENDENCIES
  activerecord
  globalid
  i18n
  job-iteration!
  mocha
  mysql2!
  pry
  rake
  redis
  resque
  rubocop-shopify
  sidekiq
  sorbet-runtime
  yard

BUNDLED WITH
   2.3.5
